GEM
  remote: https://rubygems.org/
  specs:
    diff-lcs (1.4.4)
    excon (0.79.0)
    faraday (1.3.0)
      faraday-net_http (~> 1.0)
      multipart-post (>= 1.2, < 3)
      ruby2_keywords
    faraday-net_http (1.0.1)
    jwt (2.2.2)
    multipart-post (2.1.1)
    nokogiri (1.11.2-x86_64-linux)
      racc (~> 1.4)
    racc (1.5.2)
    rake (13.0.3)
    rspec-core (3.10.1)
      rspec-support (~> 3.10.0)
    rspec-expectations (3.10.1)
      diff-lcs (>= 1.2.0, < 2.0)
      rspec-support (~> 3.10.0)
    rspec-mocks (3.10.2)
      diff-lcs (>= 1.2.0, < 2.0)
      rspec-support (~> 3.10.0)
    rspec-support (3.10.2)
    ruby2_keywords (0.0.4)
    twilio-ruby (5.50.0)
      faraday (>= 0.9, < 2.0)
      jwt (>= 1.5, <= 2.5)
      nokogiri (>= 1.6, < 2.0)

PLATFORMS
  x86_64-linux

DEPENDENCIES
  excon
  rake
  rspec-core
  rspec-expectations
  rspec-mocks
  twilio-ruby

BUNDLED WITH
   2.2.3
